GEM
  remote: https://rubygems.org/
  specs:
    atk (3.5.1)
      glib2 (= 3.5.1)
    cairo (1.17.8)
      native-package-installer (>= 1.0.3)
      pkg-config (>= 1.2.2)
      red-colors
    cairo-gobject (3.5.1)
      cairo (>= 1.16.2)
      glib2 (= 3.5.1)
    diff-lcs (1.5.0)
    fiddle (1.1.1)
    gdk3 (3.5.1)
      cairo-gobject (= 3.5.1)
      gdk_pixbuf2 (= 3.5.1)
      pango (= 3.5.1)
    gdk_pixbuf2 (3.5.1)
      gio2 (= 3.5.1)
    gio2 (3.5.1)
      fiddle
      gobject-introspection (= 3.5.1)
    glib2 (3.5.1)
      native-package-installer (>= 1.0.3)
      pkg-config (>= 1.3.5)
    gobject-introspection (3.5.1)
      glib2 (= 3.5.1)
    gtk3 (3.5.1)
      atk (= 3.5.1)
      gdk3 (= 3.5.1)
      gdk_pixbuf2 (= 3.5.1)
      gio2 (= 3.5.1)
      pango (= 3.5.1)
    matrix (0.4.2)
    mini_portile2 (2.8.1)
    native-package-installer (1.1.5)
    pango (3.5.1)
      cairo-gobject (= 3.5.1)
      gobject-introspection (= 3.5.1)
    pkg-config (1.5.1)
    red-colors (0.3.0)
      matrix
    rspec (3.12.0)
      rspec-core (~> 3.12.0)
      rspec-expectations (~> 3.12.0)
      rspec-mocks (~> 3.12.0)
    rspec-core (3.12.0)
      rspec-support (~> 3.12.0)
    rspec-expectations (3.12.0)
      diff-lcs (>= 1.2.0, < 2.0)
      rspec-support (~> 3.12.0)
    rspec-mocks (3.12.1)
      diff-lcs (>= 1.2.0, < 2.0)
      rspec-support (~> 3.12.0)
    rspec-support (3.12.0)
    sqlite3 (1.6.0)
      mini_portile2 (~> 2.8.0)
    sqlite3 (1.6.0-x86_64-linux)

PLATFORMS
  ruby
  x86_64-linux

DEPENDENCIES
  gtk3 (~> 3.5, >= 3.5.1)
  rspec
  sqlite3 (~> 1.6)

BUNDLED WITH
   2.2.20
